GIT
  remote: https://github.com/imathis/guard-jekyll-plus
  revision: a847946d461198260d854f58f5b6a851f7063e6f
  branch: master
  specs:
    guard-jekyll-plus (1.4.10)
      guard (~> 1.8.3)
      jekyll (>= 1.0.0)

GEM
  remote: http://rubygems.org/
  specs:
    addressable (2.3.6)
    buff (0.0.6)
      addressable
      faraday
      faraday_middleware
      multi_json
      rash
      yajl-ruby
    chunky_png (1.3.1)
    classifier (1.3.4)
      fast-stemmer (>= 1.0.0)
    coderay (1.1.0)
    coffee-script (2.2.0)
      coffee-script-source
      execjs
    coffee-script-source (1.7.0)
    colorator (0.1)
    colored (1.2)
    commander (4.1.6)
      highline (~> 1.6.11)
    compass (0.12.7)
      chunky_png (~> 1.2)
      fssm (>= 0.2.7)
      sass (~> 3.2.19)
    em-websocket (0.5.1)
      eventmachine (>= 0.12.9)
      http_parser.rb (~> 0.6.0)
    ethon (0.7.1)
      ffi (>= 1.3.0)
    eventmachine (1.0.3)
    execjs (2.2.1)
    faraday (0.9.0)
      multipart-post (>= 1.2, < 3)
    faraday_middleware (0.9.1)
      faraday (>= 0.7.4, < 0.10)
    fast-stemmer (1.0.2)
    ffi (1.9.3)
    formatador (0.2.5)
    fssm (0.2.10)
    guard (1.8.3)
      formatador (>= 0.2.4)
      listen (~> 1.3)
      lumberjack (>= 1.0.2)
      pry (>= 0.9.10)
      thor (>= 0.14.6)
    guard-livereload (1.4.0)
      em-websocket (>= 0.5.0)
      guard (>= 1.8.0)
      multi_json (~> 1.7)
    hashie (2.0.5)
    highline (1.6.21)
    html-proofer (1.5.4)
      addressable (~> 2.3)
      colored (~> 1.2)
      mercenary (~> 0.3.2)
      nokogiri (~> 1.5)
      parallel (~> 1.3)
      typhoeus (~> 0.6.7)
      yell (~> 2.0)
    htmlentities (4.3.2)
    http_parser.rb (0.6.0)
    jekyll (1.3.1)
      classifier (~> 1.3)
      colorator (~> 0.1)
      commander (~> 4.1.3)
      liquid (~> 2.5.2)
      listen (~> 1.3)
      maruku (~> 0.6.0)
      pygments.rb (~> 0.5.0)
      redcarpet (~> 2.3.0)
      safe_yaml (~> 0.9.7)
    jekyll-asset-pipeline (0.1.2)
      jekyll (>= 0.10.0)
      liquid (>= 1.9.0)
    jekyll-slim (0.8.2)
      jekyll (>= 0.10.0)
      slim
    json (1.8.1)
    liquid (2.5.5)
    listen (1.3.0)
      rb-fsevent (>= 0.9.3)
      rb-inotify (>= 0.9)
      rb-kqueue (>= 0.2)
    lumberjack (1.0.9)
    maruku (0.6.1)
      syntax (>= 1.0.0)
    mercenary (0.3.5)
    method_source (0.8.2)
    mini_portile (0.6.0)
    multi_json (1.10.1)
    multipart-post (2.0.0)
    nokogiri (1.6.2.1)
      mini_portile (= 0.6.0)
    parallel (1.3.3)
    posix-spawn (0.3.8)
    pry (0.10.0)
      coderay (~> 1.1.0)
      method_source (~> 0.8.1)
      slop (~> 3.4)
    puma (2.9.0)
      rack (>= 1.1, < 2.0)
    pygments.rb (0.5.4)
      posix-spawn (~> 0.3.6)
      yajl-ruby (~> 1.1.0)
    rack (1.5.2)
    rack-contrib (1.1.0)
      rack (>= 0.9.1)
    rack-rewrite (1.5.0)
    rake (10.3.2)
    rash (0.4.0)
      hashie (~> 2.0.0)
    rb-fsevent (0.9.4)
    rb-inotify (0.9.5)
      ffi (>= 0.5.0)
    rb-kqueue (0.2.3)
      ffi (>= 0.5.0)
    redcarpet (2.3.0)
    safe_yaml (0.9.7)
    sass (3.2.19)
    slim (2.0.3)
      temple (~> 0.6.6)
      tilt (>= 1.3.3, < 2.1)
    slop (3.6.0)
    syntax (1.2.0)
    temple (0.6.8)
    thor (0.19.1)
    tilt (2.0.1)
    typhoeus (0.6.9)
      ethon (>= 0.7.1)
    yajl-ruby (1.1.0)
    yell (2.0.5)
    yui-compressor (0.12.0)
    zurb-foundation (4.3.2)
      sass (>= 3.2.0)

PLATFORMS
  ruby

DEPENDENCIES
  buff
  coffee-script
  compass
  guard-jekyll-plus!
  guard-livereload
  html-proofer
  htmlentities
  jekyll (~> 1.3.0)
  jekyll-asset-pipeline
  jekyll-slim (~> 0.8.2)
  json
  nokogiri
  puma
  rack-contrib
  rack-rewrite
  rake
  rb-fsevent
  yui-compressor
  zurb-foundation
